GEM
  remote: https://rubygems.org/
  specs:
    gosu (0.15.1)
    gosu_texture_packer (0.1.8)
      gosu
      json
      rmagick
    gosu_tiled (0.1.1)
      gosu
      json
    json (2.3.0)
    perlin_noise (0.1.3)
    pkg-config (1.5.5)
    rmagick (5.3.0)
      pkg-config (~> 1.4)

PLATFORMS
  ruby

DEPENDENCIES
  gosu
  gosu_texture_packer
  gosu_tiled
  perlin_noise

BUNDLED WITH
   1.16.1
